GEM
  remote: https://rubygems.org/
  specs:
    addressable (2.5.0)
      public_suffix (~> 2.0, >= 2.0.2)
    atk (3.1.1)
      glib2 (= 3.1.1)
    buftok (0.2.0)
    cairo (1.15.5)
      pkg-config (>= 1.1.5)
    coderay (1.1.1)
    domain_name (0.5.20161129)
      unf (>= 0.0.5, < 1.0.0)
    equalizer (0.0.11)
    faraday (0.11.0)
      multipart-post (>= 1.2, < 3)
    gdk_pixbuf2 (3.1.1)
      gio2 (= 3.1.1)
    gettext (3.2.2)
      locale (>= 2.0.5)
      text (>= 1.3.0)
    gio2 (3.1.1)
      glib2 (= 3.1.1)
      gobject-introspection (= 3.1.1)
    glib2 (3.1.1)
      pkg-config
    gobject-introspection (3.1.1)
      glib2 (= 3.1.1)
    gtk2 (3.1.1)
      atk (= 3.1.1)
      gdk_pixbuf2 (= 3.1.1)
      pango (= 3.1.1)
    hikidoc (0.1.0)
    http (2.2.1)
      addressable (~> 2.3)
      http-cookie (~> 1.0)
      http-form_data (~> 1.0.1)
      http_parser.rb (~> 0.6.0)
    http-cookie (1.0.3)
      domain_name (~> 0.5)
    http-form_data (1.0.1)
    http_parser.rb (0.6.0)
    json (2.0.3)
    kramdown (1.13.2)
    locale (2.1.2)
    memoizable (0.4.2)
      thread_safe (~> 0.3, >= 0.3.1)
    mime-types (3.1)
      mime-types-data (~> 3.2015)
    mime-types-data (3.2016.0521)
    mini_portile2 (2.1.0)
    multipart-post (2.0.0)
    naught (1.1.0)
    nokogiri (1.7.0.1)
      mini_portile2 (~> 2.1.0)
    oauth (0.5.1)
    pango (3.1.1)
      cairo (>= 1.14.0)
      glib2 (= 3.1.1)
    pkg-config (1.1.7)
    poppler (3.1.1)
      cairo (>= 1.14.0)
      gdk_pixbuf2 (= 3.1.1)
    public_suffix (2.0.5)
    rabbit (2.2.0)
      coderay (>= 1.0.0)
      faraday
      gdk_pixbuf2 (>= 3.0.9)
      gettext (>= 3.0.1)
      gio2
      gtk2
      hikidoc
      kramdown
      nokogiri
      poppler
      rdtool
      rsvg2
      rttool
    rabbiter (2.0.3)
      gio2 (>= 2.1.1)
      rabbit (>= 2.0.0)
      twitter
      twitter_oauth
    rdtool (0.6.38)
    rsvg2 (3.1.1)
      cairo (>= 1.12.8)
      gdk_pixbuf2 (= 3.1.1)
    rttool (1.0.3.0)
    simple_oauth (0.3.1)
    text (1.3.1)
    thread_safe (0.3.5)
    twitter (6.1.0)
      addressable (~> 2.5)
      buftok (~> 0.2.0)
      equalizer (= 0.0.11)
      faraday (~> 0.11.0)
      http (~> 2.1)
      http_parser.rb (~> 0.6.0)
      memoizable (~> 0.4.2)
      naught (~> 1.1)
      simple_oauth (~> 0.3.1)
    twitter_oauth (0.4.94)
      json (>= 1.8.0)
      mime-types (>= 1.16)
      oauth (>= 0.4.7)
    unf (0.1.4)
      unf_ext
    unf_ext (0.0.7.2)

PLATFORMS
  ruby

DEPENDENCIES
  rabbit
  rabbiter

BUNDLED WITH
   1.13.7
