GEM
  remote: https://rubygems.org/
  specs:
    addressable (2.5.2)
      public_suffix (>= 2.0.2, < 4.0)
    atk (3.2.1)
      glib2 (= 3.2.1)
    buftok (0.2.0)
    cairo (1.15.11)
      native-package-installer (>= 1.0.3)
      pkg-config (>= 1.2.2)
    cairo-gobject (3.2.1)
      cairo
      glib2 (= 3.2.1)
    coderay (1.1.2)
    domain_name (0.5.20170404)
      unf (>= 0.0.5, < 1.0.0)
    equalizer (0.0.11)
    faraday (0.14.0)
      multipart-post (>= 1.2, < 3)
    gdk_pixbuf2 (3.2.1)
      gio2 (= 3.2.1)
    gettext (3.2.6)
      locale (>= 2.0.5)
      text (>= 1.3.0)
    gio2 (3.2.1)
      glib2 (= 3.2.1)
      gobject-introspection (= 3.2.1)
    glib2 (3.2.1)
      native-package-installer (>= 1.0.3)
      pkg-config (>= 1.2.2)
    gobject-introspection (3.2.1)
      glib2 (= 3.2.1)
    gtk2 (3.2.1)
      atk (= 3.2.1)
      gdk_pixbuf2 (= 3.2.1)
      pango (= 3.2.1)
    hikidoc (0.1.0)
    http (3.0.0)
      addressable (~> 2.3)
      http-cookie (~> 1.0)
      http-form_data (>= 2.0.0.pre.pre2, < 3)
      http_parser.rb (~> 0.6.0)
    http-cookie (1.0.3)
      domain_name (~> 0.5)
    http-form_data (2.0.0)
    http_parser.rb (0.6.0)
    json (2.3.1)
    kramdown (1.16.2)
    locale (2.1.2)
    memoizable (0.4.2)
      thread_safe (~> 0.3, >= 0.3.1)
    mime-types (3.1)
      mime-types-data (~> 3.2015)
    mime-types-data (3.2016.0521)
    mini_portile2 (2.3.0)
    multipart-post (2.0.0)
    native-package-installer (1.0.6)
    naught (1.1.0)
    nokogiri (1.8.1)
      mini_portile2 (~> 2.3.0)
    oauth (0.5.4)
    pango (3.2.1)
      cairo (>= 1.14.0)
      cairo-gobject (= 3.2.1)
      gobject-introspection (= 3.2.1)
    pkg-config (1.2.9)
    poppler (3.2.1)
      cairo-gobject (= 3.2.1)
      gio2 (= 3.2.1)
    public_suffix (3.0.1)
    rabbit (2.2.1)
      coderay (>= 1.0.0)
      faraday
      gdk_pixbuf2 (>= 3.0.9)
      gettext (>= 3.0.1)
      gio2
      gtk2
      hikidoc
      kramdown
      nokogiri
      poppler
      rdtool
      rouge
      rsvg2 (>= 3.1.4)
      rttool
    rabbiter (2.0.4)
      gio2 (>= 2.1.1)
      rabbit (>= 2.0.0)
      twitter
      twitter_oauth
    rake (12.3.0)
    rdtool (0.6.38)
    rouge (3.1.0)
    rsvg2 (3.2.1)
      cairo (>= 1.12.8)
      cairo-gobject (= 3.2.1)
      gdk_pixbuf2 (= 3.2.1)
    rttool (1.0.3.0)
    simple_oauth (0.3.1)
    text (1.3.1)
    thread_safe (0.3.6)
    twitter (6.2.0)
      addressable (~> 2.3)
      buftok (~> 0.2.0)
      equalizer (~> 0.0.11)
      http (~> 3.0)
      http-form_data (~> 2.0)
      http_parser.rb (~> 0.6.0)
      memoizable (~> 0.4.0)
      multipart-post (~> 2.0)
      naught (~> 1.0)
      simple_oauth (~> 0.3.0)
    twitter_oauth (0.4.94)
      json (>= 1.8.0)
      mime-types (>= 1.16)
      oauth (>= 0.4.7)
    unf (0.1.4)
      unf_ext
    unf_ext (0.0.7.4)

PLATFORMS
  ruby

DEPENDENCIES
  rabbit
  rabbiter
  rake

BUNDLED WITH
   1.14.4
